GEM
  remote: http://rubygems.org/
  specs:
    RedCloth (4.2.9)
    awesome_print (1.2.0)
    chunky_png (1.2.9)
    classifier (1.3.3)
      fast-stemmer (>= 1.0.0)
    colorator (0.1)
    commander (4.1.5)
      highline (~> 1.6.11)
    compass (0.12.2)
      chunky_png (~> 1.2)
      fssm (>= 0.2.7)
      sass (~> 3.1)
    deep_merge (1.0.0)
    directory_watcher (1.4.1)
    fast-stemmer (1.0.2)
    fssm (0.2.10)
    git_remote_branch (0.3.7)
      rainbow
    haml (4.0.4)
      tilt
    highline (1.6.20)
    jekyll (1.1.1)
      classifier (~> 1.3)
      colorator (~> 0.1)
      commander (~> 4.1.3)
      directory_watcher (~> 1.4.1)
      kramdown (~> 1.0.2)
      liquid (~> 2.3)
      maruku (~> 0.5)
      pygments.rb (~> 0.5.0)
      redcarpet (~> 2.2.2)
      safe_yaml (~> 0.7.0)
    kramdown (1.0.2)
    liquid (2.6.0)
    maruku (0.7.0)
    mini_portile (0.5.2)
    nokogiri (1.6.0)
      mini_portile (~> 0.5.0)
    notify (0.5.2)
    posix-spawn (0.3.6)
    pygments.rb (0.5.4)
      posix-spawn (~> 0.3.6)
      yajl-ruby (~> 1.1.0)
    rack (1.5.2)
    rack-protection (1.5.1)
      rack
    rainbow (1.1.4)
    rake (10.1.0)
    rb-fsevent (0.9.3)
    rdiscount (2.1.7)
    redcarpet (2.2.2)
    rubypants (0.2.0)
    safe_yaml (0.7.1)
    sass (3.2.12)
    sass-globbing (1.1.0)
      sass (>= 3.1)
    sinatra (1.4.4)
      rack (~> 1.4)
      rack-protection (~> 1.4)
      tilt (~> 1.3, >= 1.3.4)
    stringex (2.1.2)
    term-ansicolor (1.2.2)
      tins (~> 0.8)
    terminal-notifier (1.5.1)
    tilt (1.4.1)
    tins (0.13.1)
    yajl-ruby (1.1.0)

PLATFORMS
  ruby

DEPENDENCIES
  RedCloth
  awesome_print
  compass
  deep_merge
  git_remote_branch
  haml
  jekyll
  liquid
  nokogiri
  notify
  pygments.rb
  rack
  rake
  rb-fsevent
  rdiscount
  rubypants
  sass-globbing
  sinatra
  stringex
  term-ansicolor
  terminal-notifier
